PATH
  remote: .
  specs:
    activeadmin-axlsx (2.1.2)
      activeadmin (~> 0.6.0)
      axlsx

GEM
  remote: https://rubygems.org/
  specs:
    actionmailer (3.2.9)
      actionpack (= 3.2.9)
      mail (~> 2.4.4)
    actionpack (3.2.9)
      activemodel (= 3.2.9)
      activesupport (= 3.2.9)
      builder (~> 3.0.0)
      erubis (~> 2.7.0)
      journey (~> 1.0.4)
      rack (~> 1.4.0)
      rack-cache (~> 1.2)
      rack-test (~> 0.6.1)
      sprockets (~> 2.2.1)
    activeadmin (0.6.0)
      arbre (>= 1.0.1)
      bourbon (>= 1.0.0)
      devise (>= 1.1.2)
      fastercsv
      formtastic (>= 2.0.0)
      inherited_resources (>= 1.3.1)
      jquery-rails (>= 1.0.0)
      kaminari (>= 0.13.0)
      meta_search (>= 0.9.2)
      rails (>= 3.0.0)
      sass (>= 3.1.0)
    activemodel (3.2.9)
      activesupport (= 3.2.9)
      builder (~> 3.0.0)
    activerecord (3.2.9)
      activemodel (= 3.2.9)
      activesupport (= 3.2.9)
      arel (~> 3.0.2)
      tzinfo (~> 0.3.29)
    activeresource (3.2.9)
      activemodel (= 3.2.9)
      activesupport (= 3.2.9)
    activesupport (3.2.9)
      i18n (~> 0.6)
      multi_json (~> 1.0)
    addressable (2.3.2)
    arbre (1.0.1)
      activesupport (>= 3.0.0)
    arel (3.0.2)
    axlsx (1.3.1)
      htmlentities (~> 4.3.1)
      nokogiri (>= 1.4.1)
      rubyzip (>= 0.9.5)
    bcrypt-ruby (3.0.1)
    bourbon (3.1.3)
      sass (>= 3.2.0)
      thor
    builder (3.0.4)
    capybara (1.1.2)
      mime-types (>= 1.16)
      nokogiri (>= 1.3.3)
      rack (>= 1.0.0)
      rack-test (>= 0.5.4)
      selenium-webdriver (~> 2.0)
      xpath (~> 0.1.4)
    childprocess (0.3.6)
      ffi (~> 1.0, >= 1.0.6)
    coderay (1.0.8)
    coffee-script (2.2.0)
      coffee-script-source
      execjs
    coffee-script-source (1.4.0)
    cucumber (1.2.1)
      builder (>= 2.1.2)
      diff-lcs (>= 1.1.3)
      gherkin (~> 2.11.0)
      json (>= 1.4.6)
    cucumber-rails (1.2.1)
      capybara (>= 1.1.2)
      cucumber (>= 1.1.3)
      nokogiri (>= 1.5.0)
    database_cleaner (0.9.1)
    devise (2.2.3)
      bcrypt-ruby (~> 3.0)
      orm_adapter (~> 0.1)
      railties (~> 3.1)
      warden (~> 1.2.1)
    diff-lcs (1.1.3)
    erubis (2.7.0)
    execjs (1.4.0)
      multi_json (~> 1.0)
    fastercsv (1.5.5)
    ffi (1.2.0)
    formtastic (2.2.1)
      actionpack (>= 3.0)
    gherkin (2.11.5)
      json (>= 1.4.6)
    guard (1.5.4)
      listen (>= 0.4.2)
      lumberjack (>= 1.0.2)
      pry (>= 0.9.10)
      thor (>= 0.14.6)
    guard-coffeescript (1.2.1)
      coffee-script (>= 2.2.0)
      guard (>= 1.1.0)
    guard-rspec (1.2.1)
      guard (>= 1.1)
    haml (3.1.7)
    has_scope (0.5.1)
    hike (1.2.1)
    htmlentities (4.3.1)
    i18n (0.6.1)
    inherited_resources (1.3.1)
      has_scope (~> 0.5.0)
      responders (~> 0.6)
    jasmine (1.2.1)
      jasmine-core (>= 1.2.0)
      rack (~> 1.0)
      rspec (>= 1.3.1)
      selenium-webdriver (>= 0.1.3)
    jasmine-core (1.2.0)
    journey (1.0.4)
    jquery-rails (2.2.1)
      railties (>= 3.0, < 5.0)
      thor (>= 0.14, < 2.0)
    jslint_on_rails (1.0.7)
    json (1.7.5)
    kaminari (0.14.1)
      actionpack (>= 3.0.0)
      activesupport (>= 3.0.0)
    launchy (2.1.2)
      addressable (~> 2.3)
    libwebsocket (0.1.6.1)
      websocket
    listen (0.5.3)
    lumberjack (1.0.2)
    mail (2.4.4)
      i18n (>= 0.4.0)
      mime-types (~> 1.16)
      treetop (~> 1.4.8)
    meta_search (1.1.3)
      actionpack (~> 3.1)
      activerecord (~> 3.1)
      activesupport (~> 3.1)
      polyamorous (~> 0.5.0)
    method_source (0.8.1)
    mime-types (1.19)
    multi_json (1.3.7)
    nokogiri (1.5.5)
    orm_adapter (0.4.0)
    polyamorous (0.5.0)
      activerecord (~> 3.0)
    polyglot (0.3.3)
    pry (0.9.10)
      coderay (~> 1.0.5)
      method_source (~> 0.8)
      slop (~> 3.3.1)
    rack (1.4.1)
    rack-cache (1.2)
      rack (>= 0.4)
    rack-ssl (1.3.2)
      rack
    rack-test (0.6.2)
      rack (>= 1.0)
    rails (3.2.9)
      actionmailer (= 3.2.9)
      actionpack (= 3.2.9)
      activerecord (= 3.2.9)
      activeresource (= 3.2.9)
      activesupport (= 3.2.9)
      bundler (~> 1.0)
      railties (= 3.2.9)
    rails-i18n (0.7.0)
      i18n (~> 0.5)
    railties (3.2.9)
      actionpack (= 3.2.9)
      activesupport (= 3.2.9)
      rack-ssl (~> 1.3.2)
      rake (>= 0.8.7)
      rdoc (~> 3.4)
      thor (>= 0.14.6, < 2.0)
    rake (10.0.4)
    rdiscount (1.6.8)
    rdoc (3.12)
      json (~> 1.4)
    responders (0.9.3)
      railties (~> 3.1)
    rspec (2.9.0)
      rspec-core (~> 2.9.0)
      rspec-expectations (~> 2.9.0)
      rspec-mocks (~> 2.9.0)
    rspec-core (2.9.0)
    rspec-expectations (2.9.1)
      diff-lcs (~> 1.1.3)
    rspec-mocks (2.9.0)
    rspec-rails (2.9.0)
      actionpack (>= 3.0)
      activesupport (>= 3.0)
      railties (>= 3.0)
      rspec (~> 2.9.0)
    rubyzip (0.9.9)
    sass (3.2.3)
    sass-rails (3.2.5)
      railties (~> 3.2.0)
      sass (>= 3.1.10)
      tilt (~> 1.3)
    selenium-webdriver (2.26.0)
      childprocess (>= 0.2.5)
      libwebsocket (~> 0.1.3)
      multi_json (~> 1.0)
      rubyzip
    shoulda-matchers (1.0.0)
    simplecov (0.7.1)
      multi_json (~> 1.0)
      simplecov-html (~> 0.7.1)
    simplecov-html (0.7.1)
    slop (3.3.3)
    sprockets (2.2.1)
      hike (~> 1.2)
      multi_json (~> 1.0)
      rack (~> 1.0)
      tilt (~> 1.1, != 1.3.0)
    sqlite3 (1.3.6)
    thor (0.16.0)
    tilt (1.3.3)
    treetop (1.4.12)
      polyglot
      polyglot (>= 0.3.1)
    tzinfo (0.3.37)
    warden (1.2.1)
      rack (>= 1.0)
    websocket (1.0.3)
    xpath (0.1.4)
      nokogiri (~> 1.3)
    yard (0.8.6.1)

PLATFORMS
  ruby

DEPENDENCIES
  activeadmin-axlsx!
  axlsx
  capybara (= 1.1.2)
  cucumber-rails (= 1.2.1)
  database_cleaner
  guard-coffeescript
  guard-rspec
  haml (~> 3.1.1)
  inherited_resources
  jasmine
  jslint_on_rails (~> 1.0.6)
  launchy
  rails-i18n
  rake (~> 10.0.4)
  rdiscount
  rspec-mocks
  rspec-rails (~> 2.9.0)
  sass-rails
  shoulda-matchers (= 1.0.0)
  simplecov
  sprockets
  sqlite3
  yard
